GEM
  remote: https://rubygems.org/
  specs:
    bagit (0.3.5)
      docopt (~> 0.5.0)
      validatable (~> 1.6)
    builder (3.2.3)
    coderay (1.1.2)
    configliere (0.4.22)
      highline (= 1.5.2)
      multi_json (~> 1.10.1)
    docopt (0.5.0)
    dpn-bagit (0.3.3)
      bagit (~> 0.3.2)
      configliere
    highline (1.5.2)
    inifile (3.0.0)
    insensitive_hash (0.3.3)
    method_source (0.9.0)
    mime-types (3.2.2)
      mime-types-data (~> 3.2015)
    mime-types-data (3.2018.0812)
    mini_portile2 (2.3.0)
    multi_json (1.10.1)
    mysql2 (0.5.1)
    nanoid (2.0.0)
    nokogiri (1.8.2)
      mini_portile2 (~> 2.3.0)
    pairtree (0.1.0)
    pry (0.11.3)
      coderay (~> 1.1.0)
      method_source (~> 0.9.0)
    sequel (5.7.1)
    validatable (1.6.7)

PLATFORMS
  ruby

DEPENDENCIES
  bagit
  builder
  dpn-bagit
  inifile
  insensitive_hash
  mime-types
  mysql2
  nanoid
  nokogiri
  pairtree
  pry
  sequel

BUNDLED WITH
   1.17.2
